GEM
  remote: http://rubygems.org/
  specs:
    colorator (1.1.0)
    eventmachine (1.0.4)
    ffi (1.9.14)
    forwardable-extended (2.6.0)
    jekyll (3.2.1)
      colorator (~> 1.0)
      jekyll-sass-converter (~> 1.0)
      jekyll-watch (~> 1.1)
      kramdown (~> 1.3)
      liquid (~> 3.0)
      mercenary (~> 0.3.3)
      pathutil (~> 0.9)
      rouge (~> 1.7)
      safe_yaml (~> 1.0)
    jekyll-sass-converter (1.4.0)
      sass (~> 3.4)
    jekyll-tagging (0.5.0)
      ruby-nuggets
    jekyll-watch (1.5.0)
      listen (~> 3.0, < 3.1)
    kramdown (1.4.1)
    liquid (3.0.6)
    listen (3.0.8)
      rb-fsevent (~> 0.9, >= 0.9.4)
      rb-inotify (~> 0.9, >= 0.9.7)
    mercenary (0.3.6)
    nuggets (1.0.0)
    pathutil (0.14.0)
      forwardable-extended (~> 2.6)
    rack (1.6.4)
    rack-jekyll (0.5.0)
      jekyll (>= 1.3)
      listen (>= 1.3)
      rack (~> 1.5)
    rb-fsevent (0.9.7)
    rb-inotify (0.9.7)
      ffi (>= 0.5.0)
    rouge (1.11.1)
    ruby-nuggets (1.0.0)
      nuggets (= 1.0.0)
    safe_yaml (1.0.4)
    sass (3.4.22)

PLATFORMS
  ruby

DEPENDENCIES
  eventmachine (= 1.0.4)
  jekyll (= 3.2.1)
  jekyll-tagging (= 0.5.0)
  kramdown (= 1.4.1)
  rack-jekyll (= 0.5.0)
  safe_yaml (= 1.0.4)

RUBY VERSION
   ruby 2.2.5p319

BUNDLED WITH
   1.12.5
